GEM
  remote: https://rubygems.org/
  specs:
    lazy_priority_queue (0.1.1)
    minitest (5.14.2)
    rgl (0.5.6)
      lazy_priority_queue (~> 0.1.0)
      stream (~> 0.5.2)
    stream (0.5.2)

PLATFORMS
  ruby

DEPENDENCIES
  minitest
  rgl

BUNDLED WITH
   1.17.2
